GEM
  remote: https://rubygems.org/
  specs:
    concurrent-ruby (1.1.10)
    faker (3.1.0)
      i18n (>= 1.8.11, < 2)
    i18n (1.12.0)
      concurrent-ruby (~> 1.0)
    ruby2d (0.12.1)

PLATFORMS
  x64-mingw-ucrt

DEPENDENCIES
  faker (~> 3.1)
  ruby2d (~> 0.12.1)

BUNDLED WITH
   2.4.4
